GEM
  remote: https://rubygems.org/
  specs:
    awesome_print (1.2.0)
    daemons (1.1.9)
    dotenv (0.11.1)
      dotenv-deployment (~> 0.0.2)
    dotenv-deployment (0.0.2)
    eventmachine (1.0.3)
    haml (4.0.5)
      tilt
    rack (1.5.2)
    rack-protection (1.5.3)
      rack
    rack-test (0.6.2)
      rack (>= 1.0)
    sinatra (1.4.5)
      rack (~> 1.4)
      rack-protection (~> 1.4)
      tilt (~> 1.3, >= 1.3.4)
    thin (1.6.2)
      daemons (>= 1.0.9)
      eventmachine (>= 1.0.0)
      rack (>= 1.0.0)
    tilt (1.4.1)

PLATFORMS
  ruby

DEPENDENCIES
  awesome_print (~> 1.2.0)
  dotenv (~> 0.11.1)
  haml (~> 4.0.5)
  rack-test (= 0.6.2)
  sinatra (~> 1.4.5)
  thin (~> 1.6.2)
